RESTRICTION: >= net472
NUGET
  remote: https://api.nuget.org/v3/index.json
    Antlr (3.5.0.2)
    AutoMapper (9.0)
    bootstrap (4.4.1)
      jQuery (>= 3.0 < 4.0)
      popper.js (>= 1.16 < 2.0)
    Colorful.Console (1.2.9)
    GitVersion.CommandLine (5.1.2)
    Glob (1.1.5)
      System.IO.FileSystem (>= 4.3)
    JetBrains.Annotations (2019.1.3)
    jQuery (3.4.1)
    jQuery.Validation (1.19.1)
      jQuery (>= 1.4.4)
    Microsoft.AspNet.Mvc (5.2.7)
      Microsoft.AspNet.Razor (>= 3.2.7 < 3.3)
      Microsoft.AspNet.WebPages (>= 3.2.7 < 3.3)
    Microsoft.AspNet.Razor (3.2.7)
    Microsoft.AspNet.Web.Optimization (1.1.3)
      Microsoft.Web.Infrastructure (>= 1.0)
      WebGrease (>= 1.5.2)
    Microsoft.AspNet.WebApi (5.2.7)
      Microsoft.AspNet.WebApi.WebHost (>= 5.2.7 < 5.3)
    Microsoft.AspNet.WebApi.Client (5.2.7)
      Newtonsoft.Json (>= 6.0.4)
    Microsoft.AspNet.WebApi.Core (5.2.7)
      Microsoft.AspNet.WebApi.Client (>= 5.2.7)
    Microsoft.AspNet.WebApi.HelpPage (5.2.7)
      Microsoft.AspNet.Mvc (>= 5.2.7 < 5.3)
      Microsoft.AspNet.Razor (>= 3.2.7 < 3.3)
      Microsoft.AspNet.WebApi.WebHost (>= 5.2.7 < 5.3)
    Microsoft.AspNet.WebApi.WebHost (5.2.7)
      Microsoft.AspNet.WebApi.Core (>= 5.2.7 < 5.3)
    Microsoft.AspNet.WebPages (3.2.7)
      Microsoft.AspNet.Razor (>= 3.2.7 < 3.3)
      Microsoft.Web.Infrastructure (>= 1.0)
    Microsoft.Build (16.4)
      Microsoft.Build.Framework (>= 16.4)
      Microsoft.VisualStudio.Setup.Configuration.Interop (>= 1.16.30)
      System.Collections.Immutable (>= 1.5)
      System.Memory (>= 4.5.3)
      System.Threading.Tasks.Dataflow (>= 4.9)
    Microsoft.Build.Framework (16.4)
    Microsoft.Build.Tasks.Core (16.4)
      Microsoft.Build.Framework (>= 16.4)
      Microsoft.Build.Utilities.Core (>= 16.4)
      Microsoft.VisualStudio.Setup.Configuration.Interop (>= 1.16.30)
      System.Collections.Immutable (>= 1.5)
      System.Resources.Extensions (>= 4.6)
      System.Threading.Tasks.Dataflow (>= 4.9)
    Microsoft.Build.Utilities.Core (16.4)
      Microsoft.Build.Framework (>= 16.4)
      Microsoft.VisualStudio.Setup.Configuration.Interop (>= 1.16.30)
      System.Collections.Immutable (>= 1.5)
    Microsoft.CodeDom.Providers.DotNetCompilerPlatform (2.0.1)
    Microsoft.jQuery.Unobtrusive.Validation (3.2.11)
      jQuery (>= 1.8)
      jQuery.Validation (>= 1.8.0.1)
    Microsoft.VisualStudio.Setup.Configuration.Interop (1.16.30)
    Microsoft.Web.Infrastructure (1.0)
    Modernizr (2.8.3)
    MSTest.TestAdapter (2.0)
    MSTest.TestFramework (2.0)
    Newtonsoft.Json (12.0.3)
    Newtonsoft.Json.Bson (1.0.2)
      Newtonsoft.Json (>= 12.0.1)
    NuGet.Client (4.2)
      NuGet.ContentModel (>= 4.2)
      NuGet.Packaging (>= 4.2)
      NuGet.Repositories (>= 4.2)
      NuGet.RuntimeModel (>= 4.2)
      NuGet.Versioning (>= 4.2)
    NuGet.CommandLine (5.3.1)
    NuGet.Common (5.4)
      NuGet.Frameworks (>= 5.4)
    NuGet.Configuration (5.4)
      NuGet.Common (>= 5.4)
    NuGet.ContentModel (4.2)
    NuGet.Frameworks (5.4)
    NuGet.Packaging (5.4)
      Newtonsoft.Json (>= 9.0.1)
      NuGet.Configuration (>= 5.4)
      NuGet.Versioning (>= 5.4)
    NuGet.Packaging.Core (5.4)
      NuGet.Packaging (>= 5.4)
    NuGet.Repositories (4.2)
      NuGet.Packaging (>= 4.2)
    NuGet.RuntimeModel (4.2)
      Newtonsoft.Json (>= 6.0.4)
      NuGet.Frameworks (>= 4.2)
      NuGet.Versioning (>= 4.2)
    NuGet.Versioning (5.4)
    Nuke.Common (0.23.4)
      AutoMapper (>= 6.0.2)
      Colorful.Console (>= 1.2.9)
      Glob (>= 1.1.3)
      JetBrains.Annotations (>= 2018.2.1)
      Microsoft.Build (>= 16.0.461)
      Microsoft.Build.Framework (>= 16.0.461)
      Microsoft.Build.Tasks.Core (>= 16.0.461)
      Microsoft.Build.Utilities.Core (>= 16.0.461)
      Newtonsoft.Json (>= 10.0.3)
      NuGet.Packaging (>= 4.9.2)
      Refit (>= 4.0)
      SharpZipLib (>= 1.1)
      System.Diagnostics.Process (>= 4.3)
      System.Runtime.Serialization.Formatters (>= 4.3)
      System.ValueTuple (>= 4.5)
      YamlDotNet (>= 5.2.1)
    Octokit (0.36)
    popper.js (1.16)
    Refit (5.0.23)
      Newtonsoft.Json (>= 12.0.3)
    SharpZipLib (1.2)
    System.Buffers (4.5)
    System.Collections.Immutable (1.7)
      System.Memory (>= 4.5.3)
    System.Diagnostics.Process (4.3)
    System.IO.FileSystem (4.3)
      System.IO.FileSystem.Primitives (>= 4.3)
    System.IO.FileSystem.Primitives (4.3)
    System.Memory (4.5.3)
      System.Buffers (>= 4.4)
      System.Numerics.Vectors (>= 4.4)
      System.Runtime.CompilerServices.Unsafe (>= 4.5.2)
    System.Numerics.Vectors (4.5)
    System.Resources.Extensions (4.7)
      System.Memory (>= 4.5.3)
    System.Runtime.CompilerServices.Unsafe (4.7)
    System.Runtime.Serialization.Formatters (4.3)
      System.Runtime.Serialization.Primitives (>= 4.3)
    System.Runtime.Serialization.Primitives (4.3)
    System.Threading.Tasks.Dataflow (4.11)
    System.ValueTuple (4.5)
    WebGrease (1.6)
      Antlr (>= 3.4.1.9004)
      Newtonsoft.Json (>= 5.0.4)
    YamlDotNet (5.2.1)
