NUGET
  remote: https://api.nuget.org/v3/index.json
    Antlr (3.5.0.2) - restriction: >= net472
    bootstrap (3.4.1) - restriction: >= net472
      jQuery (>= 1.9.1 < 4.0)
    jQuery (3.3.1) - restriction: >= net472
    Microsoft.AspNet.Mvc (5.2.7) - restriction: >= net472
      Microsoft.AspNet.Razor (>= 3.2.7 < 3.3)
      Microsoft.AspNet.WebPages (>= 3.2.7 < 3.3)
    Microsoft.AspNet.Razor (3.2.7) - restriction: >= net472
    Microsoft.AspNet.Web.Optimization (1.1.3) - restriction: >= net472
      Microsoft.Web.Infrastructure (>= 1.0)
      WebGrease (>= 1.5.2)
    Microsoft.AspNet.WebApi (5.2.7) - restriction: >= net472
      Microsoft.AspNet.WebApi.WebHost (>= 5.2.7 < 5.3)
    Microsoft.AspNet.WebApi.Client (5.2.7) - restriction: >= net472
      Newtonsoft.Json (>= 6.0.4) - restriction: || (>= net45) (&& (< netstandard2.0) (>= portable-net45+win8+wp8+wp81+wpa81))
    Microsoft.AspNet.WebApi.Core (5.2.7) - restriction: >= net472
      Microsoft.AspNet.WebApi.Client (>= 5.2.7)
    Microsoft.AspNet.WebApi.HelpPage (5.2.7) - restriction: >= net472
      Microsoft.AspNet.Mvc (>= 5.2.7 < 5.3)
      Microsoft.AspNet.Razor (>= 3.2.7 < 3.3)
      Microsoft.AspNet.WebApi.WebHost (>= 5.2.7 < 5.3)
    Microsoft.AspNet.WebApi.WebHost (5.2.7) - restriction: >= net472
      Microsoft.AspNet.WebApi.Core (>= 5.2.7 < 5.3)
    Microsoft.AspNet.WebPages (3.2.7) - restriction: >= net472
      Microsoft.AspNet.Razor (>= 3.2.7 < 3.3)
      Microsoft.Web.Infrastructure (>= 1.0)
    Microsoft.CodeDom.Providers.DotNetCompilerPlatform (2.0) - restriction: >= net472
    Microsoft.Web.Infrastructure (1.0) - restriction: >= net472
    Modernizr (2.8.3) - restriction: >= net472
    Newtonsoft.Json (11.0.1) - restriction: >= net472
    OctoPack (3.6.4)
    WebGrease (1.6) - restriction: >= net472
      Antlr (>= 3.4.1.9004)
      Newtonsoft.Json (>= 5.0.4)
