RESTRICTION: || (== net472) (== netcoreapp3.0)
NUGET
  remote: https://api.nuget.org/v3/index.json
    Antlr (3.5.0.2)
    AutoMapper (9.0)
      Microsoft.CSharp (>= 4.5) - restriction: || (&& (== net472) (< net461)) (== netcoreapp3.0)
      System.Reflection.Emit (>= 4.3) - restriction: || (&& (== net472) (< net461)) (== netcoreapp3.0)
    bootstrap (4.4.1)
      jQuery (>= 3.0 < 4.0)
      popper.js (>= 1.16 < 2.0)
    Castle.Core (4.4)
      NETStandard.Library (>= 1.6.1) - restriction: || (&& (== net472) (< net35)) (== netcoreapp3.0)
      System.Collections.Specialized (>= 4.3) - restriction: || (&& (== net472) (< net35)) (== netcoreapp3.0)
      System.ComponentModel (>= 4.3) - restriction: || (&& (== net472) (< net35)) (== netcoreapp3.0)
      System.ComponentModel.TypeConverter (>= 4.3) - restriction: || (&& (== net472) (< net35)) (== netcoreapp3.0)
      System.Diagnostics.TraceSource (>= 4.3) - restriction: || (&& (== net472) (< net35)) (== netcoreapp3.0)
      System.Dynamic.Runtime (>= 4.3) - restriction: || (&& (== net472) (< net35)) (== netcoreapp3.0)
      System.Reflection (>= 4.3) - restriction: || (&& (== net472) (< net35)) (== netcoreapp3.0)
      System.Reflection.Emit (>= 4.3) - restriction: || (&& (== net472) (< net35)) (== netcoreapp3.0)
      System.Reflection.TypeExtensions (>= 4.3) - restriction: || (&& (== net472) (< net35)) (== netcoreapp3.0)
      System.Xml.XmlDocument (>= 4.3) - restriction: || (&& (== net472) (< net35)) (== netcoreapp3.0)
    Colorful.Console (1.2.9)
      Microsoft.CSharp (>= 4.0.1) - restriction: || (&& (== net472) (< net40)) (== netcoreapp3.0)
      System.Collections (>= 4.0.11) - restriction: || (&& (== net472) (< net40)) (== netcoreapp3.0)
      System.Collections.Concurrent (>= 4.0.12) - restriction: || (&& (== net472) (< net40)) (== netcoreapp3.0)
      System.Console (>= 4.0) - restriction: || (&& (== net472) (< net40)) (== netcoreapp3.0)
      System.Diagnostics.Debug (>= 4.0.11) - restriction: || (&& (== net472) (< net40)) (== netcoreapp3.0)
      System.Dynamic.Runtime (>= 4.0.11) - restriction: || (&& (== net472) (< net40)) (== netcoreapp3.0)
      System.Globalization (>= 4.0.11) - restriction: || (&& (== net472) (< net40)) (== netcoreapp3.0)
      System.IO.FileSystem (>= 4.0.1) - restriction: || (&& (== net472) (< net40)) (== netcoreapp3.0)
      System.Linq (>= 4.1) - restriction: || (&& (== net472) (< net40)) (== netcoreapp3.0)
      System.Runtime (>= 4.1) - restriction: || (&& (== net472) (< net40)) (== netcoreapp3.0)
      System.Runtime.Extensions (>= 4.1) - restriction: || (&& (== net472) (< net40)) (== netcoreapp3.0)
      System.Runtime.InteropServices (>= 4.1) - restriction: || (&& (== net472) (< net40)) (== netcoreapp3.0)
      System.Text.RegularExpressions (>= 4.1) - restriction: || (&& (== net472) (< net40)) (== netcoreapp3.0)
    coverlet.msbuild (2.7)
    GitVersion.CommandLine (5.1.2)
    Glob (1.1.5)
      System.IO.FileSystem (>= 4.3) - restriction: || (== net472) (&& (== netcoreapp3.0) (>= net46))
    JetBrains.Annotations (2019.1.3)
    jQuery (3.4.1)
    jQuery.Validation (1.19.1)
      jQuery (>= 1.4.4)
    Microsoft.AspNet.Mvc (5.2.7)
      Microsoft.AspNet.Razor (>= 3.2.7 < 3.3)
      Microsoft.AspNet.WebPages (>= 3.2.7 < 3.3)
    Microsoft.AspNet.Razor (3.2.7)
    Microsoft.AspNet.Web.Optimization (1.1.3)
      Microsoft.Web.Infrastructure (>= 1.0)
      WebGrease (>= 1.5.2)
    Microsoft.AspNet.WebApi (5.2.7)
      Microsoft.AspNet.WebApi.WebHost (>= 5.2.7 < 5.3)
    Microsoft.AspNet.WebApi.Client (5.2.7)
      Newtonsoft.Json (>= 6.0.4) - restriction: || (== net472) (&& (== netcoreapp3.0) (>= net45)) (&& (== netcoreapp3.0) (< netstandard2.0) (>= portable-net45+win8+wp8+wp81+wpa81))
      Newtonsoft.Json (>= 10.0.1) - restriction: || (&& (== net472) (< portable-net45+win8+wp8+wp81+wpa81)) (== netcoreapp3.0)
      Newtonsoft.Json.Bson (>= 1.0.1) - restriction: || (&& (== net472) (< portable-net45+win8+wp8+wp81+wpa81)) (== netcoreapp3.0)
    Microsoft.AspNet.WebApi.Core (5.2.7)
      Microsoft.AspNet.WebApi.Client (>= 5.2.7)
    Microsoft.AspNet.WebApi.HelpPage (5.2.7)
      Microsoft.AspNet.Mvc (>= 5.2.7 < 5.3)
      Microsoft.AspNet.Razor (>= 3.2.7 < 3.3)
      Microsoft.AspNet.WebApi.WebHost (>= 5.2.7 < 5.3)
    Microsoft.AspNet.WebApi.WebHost (5.2.7)
      Microsoft.AspNet.WebApi.Core (>= 5.2.7 < 5.3)
    Microsoft.AspNet.WebPages (3.2.7)
      Microsoft.AspNet.Razor (>= 3.2.7 < 3.3)
      Microsoft.Web.Infrastructure (>= 1.0)
    Microsoft.Build (16.4)
      Microsoft.Build.Framework (>= 16.4)
      Microsoft.VisualStudio.Setup.Configuration.Interop (>= 1.16.30) - restriction: || (== net472) (&& (== netcoreapp3.0) (>= net472))
      Microsoft.Win32.Registry (>= 4.3) - restriction: || (&& (== net472) (>= netcoreapp2.1)) (== netcoreapp3.0)
      System.Collections.Immutable (>= 1.5)
      System.Diagnostics.TraceSource (>= 4.0) - restriction: || (&& (== net472) (>= netcoreapp2.1)) (== netcoreapp3.0)
      System.Memory (>= 4.5.3)
      System.Reflection.Metadata (>= 1.6) - restriction: || (&& (== net472) (>= netcoreapp2.1)) (== netcoreapp3.0)
      System.Reflection.TypeExtensions (>= 4.1) - restriction: || (&& (== net472) (>= netcoreapp2.1)) (== netcoreapp3.0)
      System.Runtime.Loader (>= 4.0) - restriction: || (&& (== net472) (>= netcoreapp2.1)) (== netcoreapp3.0)
      System.Security.Principal.Windows (>= 4.3) - restriction: || (&& (== net472) (>= netcoreapp2.1)) (== netcoreapp3.0)
      System.Text.Encoding.CodePages (>= 4.0.1) - restriction: || (&& (== net472) (>= netcoreapp2.1)) (== netcoreapp3.0)
      System.Threading.Tasks.Dataflow (>= 4.9)
    Microsoft.Build.Framework (16.4)
      System.Runtime.Serialization.Primitives (>= 4.1.1) - restriction: == netcoreapp3.0
      System.Threading.Thread (>= 4.0) - restriction: == netcoreapp3.0
    Microsoft.Build.Tasks.Core (16.4)
      Microsoft.Build.Framework (>= 16.4)
      Microsoft.Build.Utilities.Core (>= 16.4)
      Microsoft.VisualStudio.Setup.Configuration.Interop (>= 1.16.30) - restriction: || (== net472) (&& (== netcoreapp3.0) (>= net472))
      Microsoft.Win32.Registry (>= 4.3) - restriction: == netcoreapp3.0
      System.CodeDom (>= 4.4) - restriction: == netcoreapp3.0
      System.Collections.Immutable (>= 1.5)
      System.Linq.Parallel (>= 4.0.1) - restriction: == netcoreapp3.0
      System.Net.Http (>= 4.3.4) - restriction: == netcoreapp3.0
      System.Reflection.Metadata (>= 1.6) - restriction: == netcoreapp3.0
      System.Reflection.TypeExtensions (>= 4.1) - restriction: == netcoreapp3.0
      System.Resources.Extensions (>= 4.6)
      System.Resources.Writer (>= 4.0) - restriction: == netcoreapp3.0
      System.Threading.Tasks.Dataflow (>= 4.9)
    Microsoft.Build.Utilities.Core (16.4)
      Microsoft.Build.Framework (>= 16.4)
      Microsoft.VisualStudio.Setup.Configuration.Interop (>= 1.16.30) - restriction: || (== net472) (&& (== netcoreapp3.0) (>= net472))
      Microsoft.Win32.Registry (>= 4.3) - restriction: == netcoreapp3.0
      System.Collections.Immutable (>= 1.5)
      System.Text.Encoding.CodePages (>= 4.0.1) - restriction: == netcoreapp3.0
    Microsoft.CodeCoverage (16.4) - restriction: || (&& (== net472) (>= netcoreapp1.0)) (&& (== net472) (>= netcoreapp2.1)) (== netcoreapp3.0)
    Microsoft.CodeDom.Providers.DotNetCompilerPlatform (2.0.1)
    Microsoft.CSharp (4.7) - restriction: || (&& (== net472) (< net461)) (== netcoreapp3.0)
    Microsoft.jQuery.Unobtrusive.Validation (3.2.11)
      jQuery (>= 1.8)
      jQuery.Validation (>= 1.8.0.1)
    Microsoft.NET.Test.Sdk (16.4) - restriction: || (&& (== net472) (>= netcoreapp1.0)) (== netcoreapp3.0)
      Microsoft.CodeCoverage (>= 16.4)
      Microsoft.TestPlatform.TestHost (>= 16.4) - restriction: || (&& (== net472) (>= netcoreapp2.1)) (== netcoreapp3.0)
    Microsoft.NETCore.Platforms (3.1) - restriction: || (&& (== net472) (>= netcoreapp2.1)) (== netcoreapp3.0)
    Microsoft.NETCore.Targets (3.1) - restriction: || (&& (== net472) (< net46)) (== netcoreapp3.0)
    Microsoft.TestPlatform.ObjectModel (16.4) - restriction: || (&& (== net472) (>= netcoreapp2.1)) (== netcoreapp3.0)
      NuGet.Frameworks (>= 5.0)
    Microsoft.TestPlatform.TestHost (16.4) - restriction: || (&& (== net472) (>= netcoreapp2.1)) (== netcoreapp3.0)
      Microsoft.TestPlatform.ObjectModel (>= 16.4) - restriction: || (&& (== net472) (>= netcoreapp2.1)) (&& (== net472) (>= uap10.0)) (== netcoreapp3.0)
      Newtonsoft.Json (>= 9.0.1) - restriction: || (&& (== net472) (>= netcoreapp2.1)) (&& (== net472) (>= uap10.0)) (== netcoreapp3.0)
    Microsoft.VisualStudio.Setup.Configuration.Interop (1.16.30)
    Microsoft.Web.Infrastructure (1.0)
    Microsoft.Win32.Primitives (4.3) - restriction: || (&& (== net472) (< net46)) (== netcoreapp3.0)
      Microsoft.NETCore.Platforms (>= 1.1) - restriction: || (&& (== net472) (< net46)) (== netcoreapp3.0)
      Microsoft.NETCore.Targets (>= 1.1) - restriction: || (&& (== net472) (< net46)) (== netcoreapp3.0)
      System.Runtime (>= 4.3) - restriction: || (&& (== net472) (< net46)) (== netcoreapp3.0)
    Microsoft.Win32.Registry (4.7) - restriction: || (&& (== net472) (>= netcoreapp2.1)) (== netcoreapp3.0)
      System.Security.AccessControl (>= 4.7)
      System.Security.Principal.Windows (>= 4.7)
    Modernizr (2.8.3)
    Moq (4.13.1)
      Castle.Core (>= 4.4)
      System.Threading.Tasks.Extensions (>= 4.5.1)
    MSTest.TestAdapter (2.0)
      NETStandard.Library (>= 1.6.1) - restriction: || (&& (== net472) (>= netcoreapp1.0)) (== netcoreapp3.0)
      System.Diagnostics.TextWriterTraceListener (>= 4.3) - restriction: || (&& (== net472) (>= netcoreapp1.0)) (== netcoreapp3.0)
    MSTest.TestFramework (2.0)
    NETStandard.Library (2.0.3) - restriction: || (&& (== net472) (>= netcoreapp1.0)) (== netcoreapp3.0)
      Microsoft.NETCore.Platforms (>= 1.1)
    Newtonsoft.Json (12.0.3)
    Newtonsoft.Json.Bson (1.0.2)
      Newtonsoft.Json (>= 12.0.1)
    NuGet.Client (4.2)
      NETStandard.Library (>= 1.6) - restriction: || (&& (== net472) (< net45)) (== netcoreapp3.0)
      NuGet.ContentModel (>= 4.2)
      NuGet.Packaging (>= 4.2)
      NuGet.Repositories (>= 4.2)
      NuGet.RuntimeModel (>= 4.2)
      NuGet.Versioning (>= 4.2)
    NuGet.CommandLine (5.3.1)
    NuGet.Common (5.4)
      NuGet.Frameworks (>= 5.4)
      System.Diagnostics.Process (>= 4.3) - restriction: == netcoreapp3.0
      System.Threading.Thread (>= 4.3) - restriction: == netcoreapp3.0
    NuGet.Configuration (5.4)
      NuGet.Common (>= 5.4)
      System.Security.Cryptography.ProtectedData (>= 4.3) - restriction: == netcoreapp3.0
    NuGet.ContentModel (4.2)
      NETStandard.Library (>= 1.6) - restriction: || (&& (== net472) (< net45)) (== netcoreapp3.0)
      System.ObjectModel (>= 4.0.12) - restriction: || (&& (== net472) (< net45)) (== netcoreapp3.0)
    NuGet.Frameworks (5.4)
    NuGet.Packaging (5.4)
      Newtonsoft.Json (>= 9.0.1)
      NuGet.Configuration (>= 5.4)
      NuGet.Versioning (>= 5.4)
      System.Dynamic.Runtime (>= 4.3) - restriction: == netcoreapp3.0
    NuGet.Packaging.Core (5.4)
      NuGet.Packaging (>= 5.4)
    NuGet.Repositories (4.2)
      NETStandard.Library (>= 1.6) - restriction: || (&& (== net472) (< net45)) (== netcoreapp3.0)
      NuGet.Packaging (>= 4.2)
    NuGet.RuntimeModel (4.2)
      NETStandard.Library (>= 1.6) - restriction: || (&& (== net472) (< net45)) (== netcoreapp3.0)
      Newtonsoft.Json (>= 6.0.4) - restriction: || (== net472) (&& (== netcoreapp3.0) (>= net45))
      Newtonsoft.Json (>= 9.0.1) - restriction: || (&& (== net472) (< net45)) (== netcoreapp3.0)
      NuGet.Frameworks (>= 4.2)
      NuGet.Versioning (>= 4.2)
      System.Dynamic.Runtime (>= 4.0.11) - restriction: || (&& (== net472) (< net45)) (== netcoreapp3.0)
      System.ObjectModel (>= 4.0.12) - restriction: || (&& (== net472) (< net45)) (== netcoreapp3.0)
    NuGet.Versioning (5.4)
    Nuke.Common (0.23.4)
      AutoMapper (>= 6.0.2)
      Colorful.Console (>= 1.2.9)
      Glob (>= 1.1.3)
      JetBrains.Annotations (>= 2018.2.1)
      Microsoft.Build (>= 16.0.461)
      Microsoft.Build.Framework (>= 16.0.461)
      Microsoft.Build.Tasks.Core (>= 16.0.461)
      Microsoft.Build.Utilities.Core (>= 16.0.461)
      Newtonsoft.Json (>= 10.0.3)
      NuGet.Packaging (>= 4.9.2)
      Refit (>= 4.0)
      SharpZipLib (>= 1.1)
      System.Diagnostics.Process (>= 4.3)
      System.Runtime.Serialization.Formatters (>= 4.3)
      System.ValueTuple (>= 4.5)
      YamlDotNet (>= 5.2.1)
    Octokit (0.36)
    popper.js (1.16)
    Refit (5.0.23)
      Newtonsoft.Json (>= 12.0.3)
    runtime.debian.8-x64.runtime.native.System.Security.Cryptography.OpenSsl (4.3.3) - restriction: == netcoreapp3.0
    runtime.debian.9-x64.runtime.native.System.Security.Cryptography.OpenSsl (4.3.3) - restriction: == netcoreapp3.0
    runtime.fedora.23-x64.runtime.native.System.Security.Cryptography.OpenSsl (4.3.3) - restriction: == netcoreapp3.0
    runtime.fedora.24-x64.runtime.native.System.Security.Cryptography.OpenSsl (4.3.3) - restriction: == netcoreapp3.0
    runtime.fedora.27-x64.runtime.native.System.Security.Cryptography.OpenSsl (4.3.3) - restriction: == netcoreapp3.0
    runtime.fedora.28-x64.runtime.native.System.Security.Cryptography.OpenSsl (4.3.3) - restriction: == netcoreapp3.0
    runtime.native.System (4.3.1) - restriction: || (&& (== net472) (< net46)) (== netcoreapp3.0)
      Microsoft.NETCore.Platforms (>= 1.1.1)
      Microsoft.NETCore.Targets (>= 1.1.3)
    runtime.native.System.Net.Http (4.3.1) - restriction: == netcoreapp3.0
      Microsoft.NETCore.Platforms (>= 1.1.1)
      Microsoft.NETCore.Targets (>= 1.1.3)
    runtime.native.System.Security.Cryptography.Apple (4.3.1) - restriction: == netcoreapp3.0
      runtime.osx.10.10-x64.runtime.native.System.Security.Cryptography.Apple (>= 4.3.1)
    runtime.native.System.Security.Cryptography.OpenSsl (4.3.3) - restriction: == netcoreapp3.0
      runtime.debian.8-x64.runtime.native.System.Security.Cryptography.OpenSsl (>= 4.3.3)
      runtime.debian.9-x64.runtime.native.System.Security.Cryptography.OpenSsl (>= 4.3.3)
      runtime.fedora.23-x64.runtime.native.System.Security.Cryptography.OpenSsl (>= 4.3.3)
      runtime.fedora.24-x64.runtime.native.System.Security.Cryptography.OpenSsl (>= 4.3.3)
      runtime.fedora.27-x64.runtime.native.System.Security.Cryptography.OpenSsl (>= 4.3.3)
      runtime.fedora.28-x64.runtime.native.System.Security.Cryptography.OpenSsl (>= 4.3.3)
      runtime.opensuse.13.2-x64.runtime.native.System.Security.Cryptography.OpenSsl (>= 4.3.3)
      runtime.opensuse.42.1-x64.runtime.native.System.Security.Cryptography.OpenSsl (>= 4.3.3)
      runtime.opensuse.42.3-x64.runtime.native.System.Security.Cryptography.OpenSsl (>= 4.3.3)
      runtime.osx.10.10-x64.runtime.native.System.Security.Cryptography.OpenSsl (>= 4.3.3)
      runtime.rhel.7-x64.runtime.native.System.Security.Cryptography.OpenSsl (>= 4.3.3)
      runtime.ubuntu.14.04-x64.runtime.native.System.Security.Cryptography.OpenSsl (>= 4.3.3)
      runtime.ubuntu.16.04-x64.runtime.native.System.Security.Cryptography.OpenSsl (>= 4.3.3)
      runtime.ubuntu.16.10-x64.runtime.native.System.Security.Cryptography.OpenSsl (>= 4.3.3)
      runtime.ubuntu.18.04-x64.runtime.native.System.Security.Cryptography.OpenSsl (>= 4.3.3)
    runtime.opensuse.13.2-x64.runtime.native.System.Security.Cryptography.OpenSsl (4.3.3) - restriction: == netcoreapp3.0
    runtime.opensuse.42.1-x64.runtime.native.System.Security.Cryptography.OpenSsl (4.3.3) - restriction: == netcoreapp3.0
    runtime.opensuse.42.3-x64.runtime.native.System.Security.Cryptography.OpenSsl (4.3.3) - restriction: == netcoreapp3.0
    runtime.osx.10.10-x64.runtime.native.System.Security.Cryptography.Apple (4.3.1) - restriction: == netcoreapp3.0
    runtime.osx.10.10-x64.runtime.native.System.Security.Cryptography.OpenSsl (4.3.3) - restriction: == netcoreapp3.0
    runtime.rhel.7-x64.runtime.native.System.Security.Cryptography.OpenSsl (4.3.3) - restriction: == netcoreapp3.0
    runtime.ubuntu.14.04-x64.runtime.native.System.Security.Cryptography.OpenSsl (4.3.3) - restriction: == netcoreapp3.0
    runtime.ubuntu.16.04-x64.runtime.native.System.Security.Cryptography.OpenSsl (4.3.3) - restriction: == netcoreapp3.0
    runtime.ubuntu.16.10-x64.runtime.native.System.Security.Cryptography.OpenSsl (4.3.3) - restriction: == netcoreapp3.0
    runtime.ubuntu.18.04-x64.runtime.native.System.Security.Cryptography.OpenSsl (4.3.3) - restriction: == netcoreapp3.0
    SharpZipLib (1.2)
    System.Buffers (4.5)
    System.CodeDom (4.7) - restriction: == netcoreapp3.0
    System.Collections (4.3) - restriction: || (&& (== net472) (< net46)) (== netcoreapp3.0)
      Microsoft.NETCore.Platforms (>= 1.1) - restriction: || (&& (== net472) (< net45)) (== netcoreapp3.0)
      Microsoft.NETCore.Targets (>= 1.1) - restriction: || (&& (== net472) (< net45)) (== netcoreapp3.0)
      System.Runtime (>= 4.3) - restriction: || (&& (== net472) (< net45)) (== netcoreapp3.0)
    System.Collections.Concurrent (4.3) - restriction: || (&& (== net472) (< net40)) (== netcoreapp3.0)
      System.Collections (>= 4.3) - restriction: || (&& (== net472) (< net45)) (== netcoreapp3.0)
      System.Diagnostics.Debug (>= 4.3) - restriction: || (&& (== net472) (< net45)) (== netcoreapp3.0)
      System.Diagnostics.Tracing (>= 4.3) - restriction: || (&& (== net472) (< net45)) (== netcoreapp3.0)
      System.Globalization (>= 4.3) - restriction: || (&& (== net472) (< net45)) (== netcoreapp3.0)
      System.Reflection (>= 4.3) - restriction: || (&& (== net472) (< net45)) (== netcoreapp3.0)
      System.Resources.ResourceManager (>= 4.3) - restriction: || (&& (== net472) (< net45)) (== netcoreapp3.0)
      System.Runtime (>= 4.3) - restriction: || (&& (== net472) (< net45)) (== netcoreapp3.0)
      System.Runtime.Extensions (>= 4.3) - restriction: || (&& (== net472) (< net45)) (== netcoreapp3.0)
      System.Threading (>= 4.3) - restriction: || (&& (== net472) (< net45)) (== netcoreapp3.0)
      System.Threading.Tasks (>= 4.3) - restriction: || (&& (== net472) (< net45)) (== netcoreapp3.0)
    System.Collections.Immutable (1.7)
      System.Memory (>= 4.5.3) - restriction: || (== net472) (&& (== netcoreapp3.0) (>= net46)) (&& (== netcoreapp3.0) (< netcoreapp2.1)) (&& (== netcoreapp3.0) (< netstandard2.0)) (&& (== netcoreapp3.0) (>= uap10.1))
    System.Collections.NonGeneric (4.3) - restriction: || (&& (== net472) (< net35)) (== netcoreapp3.0)
      System.Diagnostics.Debug (>= 4.3) - restriction: || (&& (== net472) (< net46)) (== netcoreapp3.0)
      System.Globalization (>= 4.3) - restriction: || (&& (== net472) (< net46)) (== netcoreapp3.0)
      System.Resources.ResourceManager (>= 4.3) - restriction: || (&& (== net472) (< net46)) (== netcoreapp3.0)
      System.Runtime (>= 4.3) - restriction: || (&& (== net472) (< net46)) (== netcoreapp3.0)
      System.Runtime.Extensions (>= 4.3) - restriction: || (&& (== net472) (< net46)) (== netcoreapp3.0)
      System.Threading (>= 4.3) - restriction: || (&& (== net472) (< net46)) (== netcoreapp3.0)
    System.Collections.Specialized (4.3) - restriction: || (&& (== net472) (< net35)) (== netcoreapp3.0)
      System.Collections.NonGeneric (>= 4.3) - restriction: || (&& (== net472) (< net46)) (== netcoreapp3.0)
      System.Globalization (>= 4.3) - restriction: || (&& (== net472) (< net46)) (== netcoreapp3.0)
      System.Globalization.Extensions (>= 4.3) - restriction: || (&& (== net472) (< net46)) (== netcoreapp3.0)
      System.Resources.ResourceManager (>= 4.3) - restriction: || (&& (== net472) (< net46)) (== netcoreapp3.0)
      System.Runtime (>= 4.3) - restriction: || (&& (== net472) (< net46)) (== netcoreapp3.0)
      System.Runtime.Extensions (>= 4.3) - restriction: || (&& (== net472) (< net46)) (== netcoreapp3.0)
      System.Threading (>= 4.3) - restriction: || (&& (== net472) (< net46)) (== netcoreapp3.0)
    System.ComponentModel (4.3) - restriction: || (&& (== net472) (< net35)) (== netcoreapp3.0)
      System.Runtime (>= 4.3) - restriction: || (&& (== net472) (< net45)) (== netcoreapp3.0)
    System.ComponentModel.Primitives (4.3) - restriction: || (&& (== net472) (< net35)) (&& (== net472) (< netstandard1.0) (>= win8)) (&& (== net472) (>= wp8)) (&& (== net472) (>= wpa81)) (== netcoreapp3.0)
      System.ComponentModel (>= 4.3) - restriction: || (&& (== net472) (< net45)) (== netcoreapp3.0)
      System.Resources.ResourceManager (>= 4.3) - restriction: || (&& (== net472) (< net45)) (== netcoreapp3.0)
      System.Runtime (>= 4.3) - restriction: || (&& (== net472) (< net45)) (== netcoreapp3.0)
    System.ComponentModel.TypeConverter (4.3) - restriction: || (&& (== net472) (< net35)) (== netcoreapp3.0)
      System.Collections (>= 4.3) - restriction: || (&& (== net472) (< net45)) (== netcoreapp3.0)
      System.Collections.NonGeneric (>= 4.3)
      System.Collections.Specialized (>= 4.3) - restriction: || (&& (== net472) (< net45)) (== netcoreapp3.0)
      System.ComponentModel (>= 4.3) - restriction: || (&& (== net472) (< net45)) (== netcoreapp3.0)
      System.ComponentModel.Primitives (>= 4.3)
      System.Globalization (>= 4.3) - restriction: || (&& (== net472) (< net45)) (== netcoreapp3.0)
      System.Linq (>= 4.3) - restriction: || (&& (== net472) (< net45)) (== netcoreapp3.0)
      System.Reflection (>= 4.3) - restriction: || (&& (== net472) (< net45)) (== netcoreapp3.0)
      System.Reflection.Extensions (>= 4.3) - restriction: || (&& (== net472) (< net45)) (== netcoreapp3.0)
      System.Reflection.Primitives (>= 4.3) - restriction: || (&& (== net472) (< net45)) (== netcoreapp3.0)
      System.Reflection.TypeExtensions (>= 4.3) - restriction: || (&& (== net472) (< net45)) (== netcoreapp3.0)
      System.Resources.ResourceManager (>= 4.3) - restriction: || (&& (== net472) (< net45)) (== netcoreapp3.0)
      System.Runtime (>= 4.3) - restriction: || (&& (== net472) (< net45)) (== netcoreapp3.0)
      System.Runtime.Extensions (>= 4.3) - restriction: || (&& (== net472) (< net45)) (== netcoreapp3.0)
      System.Threading (>= 4.3) - restriction: || (&& (== net472) (< net45)) (== netcoreapp3.0)
    System.Console (4.3.1) - restriction: || (&& (== net472) (< net40)) (== netcoreapp3.0)
      Microsoft.NETCore.Platforms (>= 1.1) - restriction: || (&& (== net472) (< net46)) (== netcoreapp3.0)
      Microsoft.NETCore.Targets (>= 1.1.2) - restriction: || (&& (== net472) (< net46)) (== netcoreapp3.0)
      System.IO (>= 4.3) - restriction: || (&& (== net472) (< net46)) (== netcoreapp3.0)
      System.Runtime (>= 4.3) - restriction: || (&& (== net472) (< net46)) (== netcoreapp3.0)
      System.Text.Encoding (>= 4.3) - restriction: || (&& (== net472) (< net46)) (== netcoreapp3.0)
    System.Diagnostics.Debug (4.3) - restriction: || (&& (== net472) (< net46)) (== netcoreapp3.0)
      Microsoft.NETCore.Platforms (>= 1.1) - restriction: || (&& (== net472) (< net45)) (== netcoreapp3.0)
      Microsoft.NETCore.Targets (>= 1.1) - restriction: || (&& (== net472) (< net45)) (== netcoreapp3.0)
      System.Runtime (>= 4.3) - restriction: || (&& (== net472) (< net45)) (== netcoreapp3.0)
    System.Diagnostics.DiagnosticSource (4.7) - restriction: == netcoreapp3.0
    System.Diagnostics.Process (4.3)
      Microsoft.NETCore.Platforms (>= 1.1) - restriction: || (&& (== net472) (< net46)) (== netcoreapp3.0)
      Microsoft.Win32.Primitives (>= 4.3) - restriction: || (&& (== net472) (< net46)) (== netcoreapp3.0)
      Microsoft.Win32.Registry (>= 4.3) - restriction: || (&& (== net472) (< net46)) (== netcoreapp3.0)
      runtime.native.System (>= 4.3) - restriction: || (&& (== net472) (< net46)) (== netcoreapp3.0)
      System.Collections (>= 4.3) - restriction: || (&& (== net472) (< net46)) (== netcoreapp3.0)
      System.Diagnostics.Debug (>= 4.3) - restriction: || (&& (== net472) (< net46)) (== netcoreapp3.0)
      System.Globalization (>= 4.3) - restriction: || (&& (== net472) (< net46)) (== netcoreapp3.0)
      System.IO (>= 4.3) - restriction: || (&& (== net472) (< net46)) (== netcoreapp3.0)
      System.IO.FileSystem (>= 4.3) - restriction: || (&& (== net472) (< net46)) (== netcoreapp3.0)
      System.IO.FileSystem.Primitives (>= 4.3) - restriction: || (&& (== net472) (< net46)) (== netcoreapp3.0)
      System.Resources.ResourceManager (>= 4.3) - restriction: || (&& (== net472) (< net46)) (== netcoreapp3.0)
      System.Runtime (>= 4.3) - restriction: || (&& (== net472) (< net46)) (== netcoreapp3.0)
      System.Runtime.Extensions (>= 4.3) - restriction: || (&& (== net472) (< net46)) (== netcoreapp3.0)
      System.Runtime.Handles (>= 4.3) - restriction: || (&& (== net472) (< net46)) (== netcoreapp3.0)
      System.Runtime.InteropServices (>= 4.3) - restriction: || (&& (== net472) (< net46)) (== netcoreapp3.0)
      System.Text.Encoding (>= 4.3) - restriction: || (&& (== net472) (< net46)) (== netcoreapp3.0)
      System.Text.Encoding.Extensions (>= 4.3) - restriction: || (&& (== net472) (< net46)) (== netcoreapp3.0)
      System.Threading (>= 4.3) - restriction: || (&& (== net472) (< net46)) (== netcoreapp3.0)
      System.Threading.Tasks (>= 4.3) - restriction: || (&& (== net472) (< net46)) (== netcoreapp3.0)
      System.Threading.Thread (>= 4.3) - restriction: || (&& (== net472) (< net46)) (== netcoreapp3.0)
      System.Threading.ThreadPool (>= 4.3) - restriction: || (&& (== net472) (< net46)) (== netcoreapp3.0)
    System.Diagnostics.TextWriterTraceListener (4.3) - restriction: || (&& (== net472) (>= netcoreapp1.0)) (== netcoreapp3.0)
      System.Diagnostics.TraceSource (>= 4.3)
      System.Globalization (>= 4.3) - restriction: || (&& (== net472) (< net46)) (== netcoreapp3.0)
      System.IO (>= 4.3) - restriction: || (&& (== net472) (< net46)) (== netcoreapp3.0)
      System.Resources.ResourceManager (>= 4.3) - restriction: || (&& (== net472) (< net46)) (== netcoreapp3.0)
      System.Runtime (>= 4.3) - restriction: || (&& (== net472) (< net46)) (== netcoreapp3.0)
      System.Threading (>= 4.3) - restriction: || (&& (== net472) (< net46)) (== netcoreapp3.0)
    System.Diagnostics.TraceSource (4.3) - restriction: || (&& (== net472) (< net35)) (== netcoreapp3.0)
      Microsoft.NETCore.Platforms (>= 1.1) - restriction: || (&& (== net472) (< net46)) (== netcoreapp3.0)
      runtime.native.System (>= 4.3) - restriction: || (&& (== net472) (< net46)) (== netcoreapp3.0)
      System.Collections (>= 4.3) - restriction: || (&& (== net472) (< net46)) (== netcoreapp3.0)
      System.Diagnostics.Debug (>= 4.3) - restriction: || (&& (== net472) (< net46)) (== netcoreapp3.0)
      System.Globalization (>= 4.3) - restriction: || (&& (== net472) (< net46)) (== netcoreapp3.0)
      System.Resources.ResourceManager (>= 4.3) - restriction: || (&& (== net472) (< net46)) (== netcoreapp3.0)
      System.Runtime (>= 4.3) - restriction: || (&& (== net472) (< net46)) (== netcoreapp3.0)
      System.Runtime.Extensions (>= 4.3) - restriction: || (&& (== net472) (< net46)) (== netcoreapp3.0)
      System.Threading (>= 4.3) - restriction: || (&& (== net472) (< net46)) (== netcoreapp3.0)
    System.Diagnostics.Tracing (4.3) - restriction: == netcoreapp3.0
      Microsoft.NETCore.Platforms (>= 1.1) - restriction: || (&& (== net472) (< net45)) (== netcoreapp3.0)
      Microsoft.NETCore.Targets (>= 1.1) - restriction: || (&& (== net472) (< net45)) (== netcoreapp3.0)
      System.Runtime (>= 4.3) - restriction: || (&& (== net472) (< net45)) (== netcoreapp3.0)
    System.Dynamic.Runtime (4.3) - restriction: == netcoreapp3.0
      System.Collections (>= 4.3) - restriction: || (&& (== net472) (< net45)) (== netcoreapp3.0)
      System.Diagnostics.Debug (>= 4.3) - restriction: || (&& (== net472) (< net45)) (== netcoreapp3.0)
      System.Linq (>= 4.3) - restriction: || (&& (== net472) (< net45)) (== netcoreapp3.0)
      System.Linq.Expressions (>= 4.3) - restriction: || (&& (== net472) (< net45)) (== netcoreapp3.0)
      System.ObjectModel (>= 4.3) - restriction: || (&& (== net472) (< net45)) (== netcoreapp3.0)
      System.Reflection (>= 4.3) - restriction: || (&& (== net472) (< net45)) (== netcoreapp3.0)
      System.Reflection.Emit (>= 4.3) - restriction: || (&& (== net472) (< net45)) (== netcoreapp3.0)
      System.Reflection.Emit.ILGeneration (>= 4.3) - restriction: || (&& (== net472) (< net45)) (== netcoreapp3.0)
      System.Reflection.Primitives (>= 4.3) - restriction: || (&& (== net472) (< net45)) (== netcoreapp3.0)
      System.Reflection.TypeExtensions (>= 4.3) - restriction: || (&& (== net472) (< net45)) (== netcoreapp3.0)
      System.Resources.ResourceManager (>= 4.3) - restriction: || (&& (== net472) (< net45)) (== netcoreapp3.0)
      System.Runtime (>= 4.3) - restriction: || (&& (== net472) (< net45)) (== netcoreapp3.0)
      System.Runtime.Extensions (>= 4.3) - restriction: || (&& (== net472) (< net45)) (== netcoreapp3.0)
      System.Threading (>= 4.3) - restriction: || (&& (== net472) (< net45)) (== netcoreapp3.0)
    System.Globalization (4.3) - restriction: || (&& (== net472) (< net46)) (== netcoreapp3.0)
      Microsoft.NETCore.Platforms (>= 1.1) - restriction: || (&& (== net472) (< net45)) (== netcoreapp3.0)
      Microsoft.NETCore.Targets (>= 1.1) - restriction: || (&& (== net472) (< net45)) (== netcoreapp3.0)
      System.Runtime (>= 4.3) - restriction: || (&& (== net472) (< net45)) (== netcoreapp3.0)
    System.Globalization.Calendars (4.3) - restriction: == netcoreapp3.0
      Microsoft.NETCore.Platforms (>= 1.1) - restriction: || (&& (== net472) (< net46)) (== netcoreapp3.0)
      Microsoft.NETCore.Targets (>= 1.1) - restriction: || (&& (== net472) (< net46)) (== netcoreapp3.0)
      System.Globalization (>= 4.3) - restriction: || (&& (== net472) (< net46)) (== netcoreapp3.0)
      System.Runtime (>= 4.3) - restriction: || (&& (== net472) (< net46)) (== netcoreapp3.0)
    System.Globalization.Extensions (4.3) - restriction: == netcoreapp3.0
      Microsoft.NETCore.Platforms (>= 1.1) - restriction: || (&& (== net472) (< net46)) (== netcoreapp3.0)
      System.Globalization (>= 4.3) - restriction: || (&& (== net472) (< net46)) (== netcoreapp3.0)
      System.Resources.ResourceManager (>= 4.3) - restriction: || (&& (== net472) (< net46)) (== netcoreapp3.0)
      System.Runtime (>= 4.3) - restriction: || (&& (== net472) (< net46)) (== netcoreapp3.0)
      System.Runtime.Extensions (>= 4.3) - restriction: || (&& (== net472) (< net46)) (== netcoreapp3.0)
      System.Runtime.InteropServices (>= 4.3) - restriction: || (&& (== net472) (< net46)) (== netcoreapp3.0)
    System.IO (4.3) - restriction: || (&& (== net472) (< net46)) (== netcoreapp3.0)
      Microsoft.NETCore.Platforms (>= 1.1) - restriction: || (&& (== net472) (< net45)) (== netcoreapp3.0)
      Microsoft.NETCore.Targets (>= 1.1) - restriction: || (&& (== net472) (< net45)) (== netcoreapp3.0)
      System.Runtime (>= 4.3) - restriction: || (&& (== net472) (< net45)) (== netcoreapp3.0)
      System.Text.Encoding (>= 4.3) - restriction: || (&& (== net472) (< net45)) (== netcoreapp3.0)
      System.Threading.Tasks (>= 4.3) - restriction: || (&& (== net472) (< net45)) (== netcoreapp3.0)
    System.IO.FileSystem (4.3)
      Microsoft.NETCore.Platforms (>= 1.1) - restriction: || (&& (== net472) (< net46)) (== netcoreapp3.0)
      Microsoft.NETCore.Targets (>= 1.1) - restriction: || (&& (== net472) (< net46)) (== netcoreapp3.0)
      System.IO (>= 4.3) - restriction: || (&& (== net472) (< net46)) (== netcoreapp3.0)
      System.IO.FileSystem.Primitives (>= 4.3)
      System.Runtime (>= 4.3) - restriction: || (&& (== net472) (< net46)) (== netcoreapp3.0)
      System.Runtime.Handles (>= 4.3) - restriction: || (&& (== net472) (< net46)) (== netcoreapp3.0)
      System.Text.Encoding (>= 4.3) - restriction: || (&& (== net472) (< net46)) (== netcoreapp3.0)
      System.Threading.Tasks (>= 4.3) - restriction: || (&& (== net472) (< net46)) (== netcoreapp3.0)
    System.IO.FileSystem.Primitives (4.3)
      System.Runtime (>= 4.3) - restriction: || (&& (== net472) (< net46)) (== netcoreapp3.0)
    System.Linq (4.3) - restriction: == netcoreapp3.0
      System.Collections (>= 4.3) - restriction: || (&& (== net472) (< net45)) (== netcoreapp3.0)
      System.Diagnostics.Debug (>= 4.3) - restriction: || (&& (== net472) (< net45)) (== netcoreapp3.0)
      System.Resources.ResourceManager (>= 4.3) - restriction: || (&& (== net472) (< net45)) (== netcoreapp3.0)
      System.Runtime (>= 4.3) - restriction: || (&& (== net472) (< net45)) (== netcoreapp3.0)
      System.Runtime.Extensions (>= 4.3) - restriction: || (&& (== net472) (< net45)) (== netcoreapp3.0)
    System.Linq.Expressions (4.3) - restriction: == netcoreapp3.0
      System.Collections (>= 4.3) - restriction: || (&& (== net472) (< net45)) (== netcoreapp3.0)
      System.Diagnostics.Debug (>= 4.3) - restriction: || (&& (== net472) (< net45)) (== netcoreapp3.0)
      System.Globalization (>= 4.3) - restriction: || (&& (== net472) (< net45)) (== netcoreapp3.0)
      System.IO (>= 4.3) - restriction: || (&& (== net472) (< net45)) (== netcoreapp3.0)
      System.Linq (>= 4.3) - restriction: || (&& (== net472) (< net45)) (== netcoreapp3.0)
      System.ObjectModel (>= 4.3) - restriction: || (&& (== net472) (< net45)) (== netcoreapp3.0)
      System.Reflection (>= 4.3) - restriction: || (&& (== net472) (< net45)) (== netcoreapp3.0)
      System.Reflection.Emit (>= 4.3) - restriction: || (&& (== net472) (< net45)) (== netcoreapp3.0)
      System.Reflection.Emit.ILGeneration (>= 4.3) - restriction: || (&& (== net472) (< net45)) (== netcoreapp3.0)
      System.Reflection.Emit.Lightweight (>= 4.3) - restriction: || (&& (== net472) (< net45)) (== netcoreapp3.0)
      System.Reflection.Extensions (>= 4.3) - restriction: || (&& (== net472) (< net45)) (== netcoreapp3.0)
      System.Reflection.Primitives (>= 4.3) - restriction: || (&& (== net472) (< net45)) (== netcoreapp3.0)
      System.Reflection.TypeExtensions (>= 4.3) - restriction: || (&& (== net472) (< net45)) (== netcoreapp3.0)
      System.Resources.ResourceManager (>= 4.3) - restriction: || (&& (== net472) (< net45)) (== netcoreapp3.0)
      System.Runtime (>= 4.3) - restriction: || (&& (== net472) (< net45)) (== netcoreapp3.0)
      System.Runtime.Extensions (>= 4.3) - restriction: || (&& (== net472) (< net45)) (== netcoreapp3.0)
      System.Threading (>= 4.3) - restriction: || (&& (== net472) (< net45)) (== netcoreapp3.0)
    System.Linq.Parallel (4.3) - restriction: == netcoreapp3.0
      System.Collections (>= 4.3) - restriction: || (&& (== net472) (< net45)) (== netcoreapp3.0)
      System.Collections.Concurrent (>= 4.3) - restriction: || (&& (== net472) (< net45)) (== netcoreapp3.0)
      System.Diagnostics.Debug (>= 4.3) - restriction: || (&& (== net472) (< net45)) (== netcoreapp3.0)
      System.Diagnostics.Tracing (>= 4.3) - restriction: || (&& (== net472) (< net45)) (== netcoreapp3.0)
      System.Linq (>= 4.3) - restriction: || (&& (== net472) (< net45)) (== netcoreapp3.0)
      System.Resources.ResourceManager (>= 4.3) - restriction: || (&& (== net472) (< net45)) (== netcoreapp3.0)
      System.Runtime (>= 4.3) - restriction: || (&& (== net472) (< net45)) (== netcoreapp3.0)
      System.Runtime.Extensions (>= 4.3) - restriction: || (&& (== net472) (< net45)) (== netcoreapp3.0)
      System.Threading (>= 4.3) - restriction: || (&& (== net472) (< net45)) (== netcoreapp3.0)
      System.Threading.Tasks (>= 4.3) - restriction: || (&& (== net472) (< net45)) (== netcoreapp3.0)
    System.Memory (4.5.3)
      System.Buffers (>= 4.4) - restriction: || (== net472) (&& (== netcoreapp3.0) (>= monotouch)) (&& (== netcoreapp3.0) (>= net461)) (&& (== netcoreapp3.0) (< netcoreapp2.0)) (&& (== netcoreapp3.0) (< netstandard1.1)) (&& (== netcoreapp3.0) (< netstandard2.0)) (&& (== netcoreapp3.0) (>= xamarinios)) (&& (== netcoreapp3.0) (>= xamarinmac)) (&& (== netcoreapp3.0) (>= xamarintvos)) (&& (== netcoreapp3.0) (>= xamarinwatchos))
      System.Numerics.Vectors (>= 4.4) - restriction: || (== net472) (&& (== netcoreapp3.0) (>= net461)) (&& (== netcoreapp3.0) (< netcoreapp2.0))
      System.Runtime.CompilerServices.Unsafe (>= 4.5.2) - restriction: || (== net472) (&& (== netcoreapp3.0) (>= monotouch)) (&& (== netcoreapp3.0) (>= net461)) (&& (== netcoreapp3.0) (< netcoreapp2.0)) (&& (== netcoreapp3.0) (< netcoreapp2.1)) (&& (== netcoreapp3.0) (< netstandard1.1)) (&& (== netcoreapp3.0) (< netstandard2.0)) (&& (== netcoreapp3.0) (>= uap10.1)) (&& (== netcoreapp3.0) (>= xamarinios)) (&& (== netcoreapp3.0) (>= xamarinmac)) (&& (== netcoreapp3.0) (>= xamarintvos)) (&& (== netcoreapp3.0) (>= xamarinwatchos))
    System.Net.Http (4.3.4) - restriction: == netcoreapp3.0
      Microsoft.NETCore.Platforms (>= 1.1.1) - restriction: || (&& (== net472) (< net45)) (== netcoreapp3.0)
      runtime.native.System (>= 4.3) - restriction: || (&& (== net472) (< net45)) (== netcoreapp3.0)
      runtime.native.System.Net.Http (>= 4.3) - restriction: || (&& (== net472) (< net45)) (== netcoreapp3.0)
      runtime.native.System.Security.Cryptography.OpenSsl (>= 4.3.2) - restriction: || (&& (== net472) (< net45)) (== netcoreapp3.0)
      System.Collections (>= 4.3) - restriction: || (&& (== net472) (< net45)) (== netcoreapp3.0)
      System.Diagnostics.Debug (>= 4.3) - restriction: || (&& (== net472) (< net45)) (== netcoreapp3.0)
      System.Diagnostics.DiagnosticSource (>= 4.3) - restriction: || (&& (== net472) (< net45)) (== netcoreapp3.0)
      System.Diagnostics.Tracing (>= 4.3) - restriction: || (&& (== net472) (< net45)) (== netcoreapp3.0)
      System.Globalization (>= 4.3) - restriction: || (&& (== net472) (< net45)) (== netcoreapp3.0)
      System.Globalization.Extensions (>= 4.3) - restriction: || (&& (== net472) (< net45)) (== netcoreapp3.0)
      System.IO (>= 4.3) - restriction: || (&& (== net472) (< net45)) (== netcoreapp3.0)
      System.IO.FileSystem (>= 4.3) - restriction: || (&& (== net472) (< net45)) (== netcoreapp3.0)
      System.Net.Primitives (>= 4.3) - restriction: || (&& (== net472) (< net45)) (== netcoreapp3.0)
      System.Resources.ResourceManager (>= 4.3) - restriction: || (&& (== net472) (< net45)) (== netcoreapp3.0)
      System.Runtime (>= 4.3) - restriction: || (&& (== net472) (< net45)) (== netcoreapp3.0)
      System.Runtime.Extensions (>= 4.3) - restriction: || (&& (== net472) (< net45)) (== netcoreapp3.0)
      System.Runtime.Handles (>= 4.3) - restriction: || (&& (== net472) (< net45)) (== netcoreapp3.0)
      System.Runtime.InteropServices (>= 4.3) - restriction: || (&& (== net472) (< net45)) (== netcoreapp3.0)
      System.Security.Cryptography.Algorithms (>= 4.3) - restriction: || (&& (== net472) (< net45)) (== netcoreapp3.0)
      System.Security.Cryptography.Encoding (>= 4.3) - restriction: || (&& (== net472) (< net45)) (== netcoreapp3.0)
      System.Security.Cryptography.OpenSsl (>= 4.3) - restriction: || (&& (== net472) (< net45)) (== netcoreapp3.0)
      System.Security.Cryptography.Primitives (>= 4.3) - restriction: || (&& (== net472) (< net45)) (== netcoreapp3.0)
      System.Security.Cryptography.X509Certificates (>= 4.3)
      System.Text.Encoding (>= 4.3) - restriction: || (&& (== net472) (< net45)) (== netcoreapp3.0)
      System.Threading (>= 4.3) - restriction: || (&& (== net472) (< net45)) (== netcoreapp3.0)
      System.Threading.Tasks (>= 4.3) - restriction: || (&& (== net472) (< net45)) (== netcoreapp3.0)
    System.Net.Primitives (4.3.1) - restriction: == netcoreapp3.0
      Microsoft.NETCore.Platforms (>= 1.1.1) - restriction: || (&& (== net472) (< net45)) (&& (== net472) (< netstandard1.1)) (== netcoreapp3.0)
      Microsoft.NETCore.Targets (>= 1.1.3) - restriction: || (&& (== net472) (< net45)) (&& (== net472) (< netstandard1.1)) (== netcoreapp3.0)
      System.Runtime (>= 4.3.1) - restriction: || (&& (== net472) (< net45)) (&& (== net472) (< netstandard1.1)) (== netcoreapp3.0)
      System.Runtime.Handles (>= 4.3) - restriction: || (&& (== net472) (< net45)) (== netcoreapp3.0)
    System.Numerics.Vectors (4.5)
    System.ObjectModel (4.3) - restriction: == netcoreapp3.0
      System.Collections (>= 4.3) - restriction: || (&& (== net472) (< net45)) (== netcoreapp3.0)
      System.Diagnostics.Debug (>= 4.3) - restriction: || (&& (== net472) (< net45)) (== netcoreapp3.0)
      System.Resources.ResourceManager (>= 4.3) - restriction: || (&& (== net472) (< net45)) (== netcoreapp3.0)
      System.Runtime (>= 4.3) - restriction: || (&& (== net472) (< net45)) (== netcoreapp3.0)
      System.Threading (>= 4.3) - restriction: || (&& (== net472) (< net45)) (== netcoreapp3.0)
    System.Reflection (4.3) - restriction: || (&& (== net472) (< net46)) (== netcoreapp3.0)
      Microsoft.NETCore.Platforms (>= 1.1) - restriction: || (&& (== net472) (< net45)) (== netcoreapp3.0)
      Microsoft.NETCore.Targets (>= 1.1) - restriction: || (&& (== net472) (< net45)) (== netcoreapp3.0)
      System.IO (>= 4.3) - restriction: || (&& (== net472) (< net45)) (== netcoreapp3.0)
      System.Reflection.Primitives (>= 4.3) - restriction: || (&& (== net472) (< net45)) (== netcoreapp3.0)
      System.Runtime (>= 4.3) - restriction: || (&& (== net472) (< net45)) (== netcoreapp3.0)
    System.Reflection.Emit (4.7) - restriction: || (&& (== net472) (< net461)) (== netcoreapp3.0)
    System.Reflection.Emit.ILGeneration (4.7) - restriction: == netcoreapp3.0
    System.Reflection.Emit.Lightweight (4.7) - restriction: == netcoreapp3.0
    System.Reflection.Extensions (4.3) - restriction: || (&& (== net472) (< net35)) (== netcoreapp3.0)
      Microsoft.NETCore.Platforms (>= 1.1) - restriction: || (&& (== net472) (< net45)) (== netcoreapp3.0)
      Microsoft.NETCore.Targets (>= 1.1) - restriction: || (&& (== net472) (< net45)) (== netcoreapp3.0)
      System.Reflection (>= 4.3) - restriction: || (&& (== net472) (< net45)) (== netcoreapp3.0)
      System.Runtime (>= 4.3) - restriction: || (&& (== net472) (< net45)) (== netcoreapp3.0)
    System.Reflection.Metadata (1.8) - restriction: || (&& (== net472) (>= netcoreapp2.1)) (== netcoreapp3.0)
      System.Collections.Immutable (>= 1.7)
    System.Reflection.Primitives (4.3) - restriction: == netcoreapp3.0
      Microsoft.NETCore.Platforms (>= 1.1) - restriction: || (&& (== net472) (< net45)) (== netcoreapp3.0)
      Microsoft.NETCore.Targets (>= 1.1) - restriction: || (&& (== net472) (< net45)) (== netcoreapp3.0)
      System.Runtime (>= 4.3) - restriction: || (&& (== net472) (< net45)) (== netcoreapp3.0)
    System.Reflection.TypeExtensions (4.7) - restriction: || (&& (== net472) (< net35)) (== netcoreapp3.0)
    System.Resources.Extensions (4.7)
      System.Memory (>= 4.5.3) - restriction: || (== net472) (&& (== netcoreapp3.0) (< netcoreapp2.1))
    System.Resources.ResourceManager (4.3) - restriction: || (&& (== net472) (< net46)) (== netcoreapp3.0)
      Microsoft.NETCore.Platforms (>= 1.1) - restriction: || (&& (== net472) (< net45)) (== netcoreapp3.0)
      Microsoft.NETCore.Targets (>= 1.1) - restriction: || (&& (== net472) (< net45)) (== netcoreapp3.0)
      System.Globalization (>= 4.3) - restriction: || (&& (== net472) (< net45)) (== netcoreapp3.0)
      System.Reflection (>= 4.3) - restriction: || (&& (== net472) (< net45)) (== netcoreapp3.0)
      System.Runtime (>= 4.3) - restriction: || (&& (== net472) (< net45)) (== netcoreapp3.0)
    System.Resources.Writer (4.3) - restriction: == netcoreapp3.0
      System.Collections (>= 4.3) - restriction: || (&& (== net472) (< net46)) (== netcoreapp3.0)
      System.IO (>= 4.3) - restriction: || (&& (== net472) (< net46)) (== netcoreapp3.0)
      System.Resources.ResourceManager (>= 4.3) - restriction: || (&& (== net472) (< net46)) (== netcoreapp3.0)
      System.Runtime (>= 4.3) - restriction: || (&& (== net472) (< net46)) (== netcoreapp3.0)
      System.Runtime.Extensions (>= 4.3) - restriction: || (&& (== net472) (< net46)) (== netcoreapp3.0)
      System.Text.Encoding (>= 4.3) - restriction: || (&& (== net472) (< net46)) (== netcoreapp3.0)
    System.Runtime (4.3.1) - restriction: || (&& (== net472) (< net45)) (&& (== net472) (< net46)) (== netcoreapp3.0)
      Microsoft.NETCore.Platforms (>= 1.1.1) - restriction: || (&& (== net472) (< net45)) (== netcoreapp3.0)
      Microsoft.NETCore.Targets (>= 1.1.3) - restriction: || (&& (== net472) (< net45)) (== netcoreapp3.0)
    System.Runtime.CompilerServices.Unsafe (4.7)
    System.Runtime.Extensions (4.3.1) - restriction: || (&& (== net472) (< net46)) (== netcoreapp3.0)
      Microsoft.NETCore.Platforms (>= 1.1.1) - restriction: || (&& (== net472) (< net45)) (== netcoreapp3.0)
      Microsoft.NETCore.Targets (>= 1.1.3) - restriction: || (&& (== net472) (< net45)) (== netcoreapp3.0)
      System.Runtime (>= 4.3.1) - restriction: || (&& (== net472) (< net45)) (== netcoreapp3.0)
    System.Runtime.Handles (4.3) - restriction: || (&& (== net472) (< net46)) (== netcoreapp3.0)
      Microsoft.NETCore.Platforms (>= 1.1) - restriction: || (&& (== net472) (< net46)) (== netcoreapp3.0)
      Microsoft.NETCore.Targets (>= 1.1) - restriction: || (&& (== net472) (< net46)) (== netcoreapp3.0)
      System.Runtime (>= 4.3) - restriction: || (&& (== net472) (< net46)) (== netcoreapp3.0)
    System.Runtime.InteropServices (4.3) - restriction: || (&& (== net472) (< net46)) (== netcoreapp3.0)
      Microsoft.NETCore.Platforms (>= 1.1) - restriction: || (&& (== net472) (< net45)) (&& (== net472) (>= netcoreapp1.1)) (== netcoreapp3.0)
      Microsoft.NETCore.Targets (>= 1.1) - restriction: || (&& (== net472) (< net45)) (&& (== net472) (>= netcoreapp1.1)) (== netcoreapp3.0)
      System.Reflection (>= 4.3) - restriction: || (&& (== net472) (< net45)) (&& (== net472) (>= netcoreapp1.1)) (== netcoreapp3.0)
      System.Reflection.Primitives (>= 4.3) - restriction: || (&& (== net472) (< net45)) (&& (== net472) (>= netcoreapp1.1)) (== netcoreapp3.0)
      System.Runtime (>= 4.3)
      System.Runtime.Handles (>= 4.3) - restriction: || (&& (== net472) (< net45)) (&& (== net472) (>= netcoreapp1.1)) (== netcoreapp3.0)
    System.Runtime.Loader (4.3) - restriction: || (&& (== net472) (>= netcoreapp2.1)) (== netcoreapp3.0)
      System.IO (>= 4.3) - restriction: || (&& (== net472) (< net462)) (== netcoreapp3.0)
      System.Reflection (>= 4.3) - restriction: || (&& (== net472) (< net462)) (== netcoreapp3.0)
      System.Runtime (>= 4.3) - restriction: || (&& (== net472) (< net462)) (== netcoreapp3.0)
    System.Runtime.Numerics (4.3) - restriction: == netcoreapp3.0
      System.Globalization (>= 4.3) - restriction: || (&& (== net472) (< net45)) (== netcoreapp3.0)
      System.Resources.ResourceManager (>= 4.3) - restriction: || (&& (== net472) (< net45)) (== netcoreapp3.0)
      System.Runtime (>= 4.3) - restriction: || (&& (== net472) (< net45)) (== netcoreapp3.0)
      System.Runtime.Extensions (>= 4.3) - restriction: || (&& (== net472) (< net45)) (== netcoreapp3.0)
    System.Runtime.Serialization.Formatters (4.3)
      System.Collections (>= 4.3) - restriction: || (&& (== net472) (< net46)) (== netcoreapp3.0)
      System.Reflection (>= 4.3) - restriction: || (&& (== net472) (< net46)) (== netcoreapp3.0)
      System.Resources.ResourceManager (>= 4.3) - restriction: || (&& (== net472) (< net46)) (== netcoreapp3.0)
      System.Runtime (>= 4.3) - restriction: || (&& (== net472) (< net46)) (== netcoreapp3.0)
      System.Runtime.Serialization.Primitives (>= 4.3)
    System.Runtime.Serialization.Primitives (4.3)
      System.Resources.ResourceManager (>= 4.3) - restriction: || (&& (== net472) (< net45)) (== netcoreapp3.0)
      System.Runtime (>= 4.3) - restriction: || (&& (== net472) (< net45)) (== netcoreapp3.0)
    System.Security.AccessControl (4.7) - restriction: || (&& (== net472) (>= netcoreapp2.1)) (== netcoreapp3.0)
      Microsoft.NETCore.Platforms (>= 3.1) - restriction: || (&& (== net472) (>= netcoreapp2.0)) (== netcoreapp3.0)
      System.Security.Principal.Windows (>= 4.7)
    System.Security.Cryptography.Algorithms (4.3.1) - restriction: == netcoreapp3.0
      Microsoft.NETCore.Platforms (>= 1.1) - restriction: || (&& (== net472) (< net46)) (== netcoreapp3.0)
      runtime.native.System.Security.Cryptography.Apple (>= 4.3.1) - restriction: || (&& (== net472) (< net46)) (== netcoreapp3.0)
      runtime.native.System.Security.Cryptography.OpenSsl (>= 4.3.2) - restriction: || (&& (== net472) (< net46)) (== netcoreapp3.0)
      System.Collections (>= 4.3) - restriction: || (&& (== net472) (< net46)) (== netcoreapp3.0)
      System.IO (>= 4.3)
      System.Resources.ResourceManager (>= 4.3) - restriction: || (&& (== net472) (< net46)) (== netcoreapp3.0)
      System.Runtime (>= 4.3)
      System.Runtime.Extensions (>= 4.3) - restriction: || (&& (== net472) (< net46)) (== netcoreapp3.0)
      System.Runtime.Handles (>= 4.3) - restriction: || (&& (== net472) (< net46)) (== netcoreapp3.0)
      System.Runtime.InteropServices (>= 4.3) - restriction: || (&& (== net472) (< net46)) (== netcoreapp3.0)
      System.Runtime.Numerics (>= 4.3) - restriction: || (&& (== net472) (< net46)) (== netcoreapp3.0)
      System.Security.Cryptography.Encoding (>= 4.3)
      System.Security.Cryptography.Primitives (>= 4.3)
      System.Text.Encoding (>= 4.3) - restriction: || (&& (== net472) (< net46)) (== netcoreapp3.0)
    System.Security.Cryptography.Cng (4.7) - restriction: == netcoreapp3.0
    System.Security.Cryptography.Csp (4.3) - restriction: == netcoreapp3.0
      Microsoft.NETCore.Platforms (>= 1.1) - restriction: || (&& (== net472) (< net46)) (== netcoreapp3.0)
      System.IO (>= 4.3) - restriction: || (&& (== net472) (< net46)) (== netcoreapp3.0)
      System.Reflection (>= 4.3) - restriction: || (&& (== net472) (< net46)) (== netcoreapp3.0)
      System.Resources.ResourceManager (>= 4.3) - restriction: || (&& (== net472) (< net46)) (== netcoreapp3.0)
      System.Runtime (>= 4.3) - restriction: || (&& (== net472) (< net46)) (== netcoreapp3.0)
      System.Runtime.Extensions (>= 4.3) - restriction: || (&& (== net472) (< net46)) (== netcoreapp3.0)
      System.Runtime.Handles (>= 4.3) - restriction: || (&& (== net472) (< net46)) (== netcoreapp3.0)
      System.Runtime.InteropServices (>= 4.3) - restriction: || (&& (== net472) (< net46)) (== netcoreapp3.0)
      System.Security.Cryptography.Algorithms (>= 4.3)
      System.Security.Cryptography.Encoding (>= 4.3) - restriction: || (&& (== net472) (< net46)) (== netcoreapp3.0)
      System.Security.Cryptography.Primitives (>= 4.3)
      System.Text.Encoding (>= 4.3) - restriction: || (&& (== net472) (< net46)) (== netcoreapp3.0)
      System.Threading (>= 4.3) - restriction: || (&& (== net472) (< net46)) (== netcoreapp3.0)
    System.Security.Cryptography.Encoding (4.3) - restriction: == netcoreapp3.0
      Microsoft.NETCore.Platforms (>= 1.1) - restriction: || (&& (== net472) (< net46)) (== netcoreapp3.0)
      runtime.native.System.Security.Cryptography.OpenSsl (>= 4.3) - restriction: || (&& (== net472) (< net46)) (== netcoreapp3.0)
      System.Collections (>= 4.3) - restriction: || (&& (== net472) (< net46)) (== netcoreapp3.0)
      System.Collections.Concurrent (>= 4.3) - restriction: || (&& (== net472) (< net46)) (== netcoreapp3.0)
      System.Linq (>= 4.3) - restriction: || (&& (== net472) (< net46)) (== netcoreapp3.0)
      System.Resources.ResourceManager (>= 4.3) - restriction: || (&& (== net472) (< net46)) (== netcoreapp3.0)
      System.Runtime (>= 4.3) - restriction: || (&& (== net472) (< net46)) (== netcoreapp3.0)
      System.Runtime.Extensions (>= 4.3) - restriction: || (&& (== net472) (< net46)) (== netcoreapp3.0)
      System.Runtime.Handles (>= 4.3) - restriction: || (&& (== net472) (< net46)) (== netcoreapp3.0)
      System.Runtime.InteropServices (>= 4.3) - restriction: || (&& (== net472) (< net46)) (== netcoreapp3.0)
      System.Security.Cryptography.Primitives (>= 4.3) - restriction: || (&& (== net472) (< net46)) (== netcoreapp3.0)
      System.Text.Encoding (>= 4.3) - restriction: || (&& (== net472) (< net46)) (== netcoreapp3.0)
    System.Security.Cryptography.OpenSsl (4.7) - restriction: == netcoreapp3.0
    System.Security.Cryptography.Primitives (4.3) - restriction: == netcoreapp3.0
      System.Diagnostics.Debug (>= 4.3) - restriction: || (&& (== net472) (< net46)) (== netcoreapp3.0)
      System.Globalization (>= 4.3) - restriction: || (&& (== net472) (< net46)) (== netcoreapp3.0)
      System.IO (>= 4.3) - restriction: || (&& (== net472) (< net46)) (== netcoreapp3.0)
      System.Resources.ResourceManager (>= 4.3) - restriction: || (&& (== net472) (< net46)) (== netcoreapp3.0)
      System.Runtime (>= 4.3) - restriction: || (&& (== net472) (< net46)) (== netcoreapp3.0)
      System.Threading (>= 4.3) - restriction: || (&& (== net472) (< net46)) (== netcoreapp3.0)
      System.Threading.Tasks (>= 4.3) - restriction: || (&& (== net472) (< net46)) (== netcoreapp3.0)
    System.Security.Cryptography.ProtectedData (4.7) - restriction: == netcoreapp3.0
    System.Security.Cryptography.X509Certificates (4.3.2) - restriction: == netcoreapp3.0
      Microsoft.NETCore.Platforms (>= 1.1) - restriction: || (&& (== net472) (< net46)) (== netcoreapp3.0)
      runtime.native.System (>= 4.3) - restriction: || (&& (== net472) (< net46)) (== netcoreapp3.0)
      runtime.native.System.Net.Http (>= 4.3) - restriction: || (&& (== net472) (< net46)) (== netcoreapp3.0)
      runtime.native.System.Security.Cryptography.OpenSsl (>= 4.3.2) - restriction: || (&& (== net472) (< net46)) (== netcoreapp3.0)
      System.Collections (>= 4.3) - restriction: || (&& (== net472) (< net46)) (== netcoreapp3.0)
      System.Diagnostics.Debug (>= 4.3) - restriction: || (&& (== net472) (< net46)) (== netcoreapp3.0)
      System.Globalization (>= 4.3) - restriction: || (&& (== net472) (< net46)) (== netcoreapp3.0)
      System.Globalization.Calendars (>= 4.3) - restriction: || (&& (== net472) (< net46)) (== netcoreapp3.0)
      System.IO (>= 4.3) - restriction: || (&& (== net472) (< net46)) (== netcoreapp3.0)
      System.IO.FileSystem (>= 4.3) - restriction: || (&& (== net472) (< net46)) (== netcoreapp3.0)
      System.IO.FileSystem.Primitives (>= 4.3) - restriction: || (&& (== net472) (< net46)) (== netcoreapp3.0)
      System.Resources.ResourceManager (>= 4.3) - restriction: || (&& (== net472) (< net46)) (== netcoreapp3.0)
      System.Runtime (>= 4.3) - restriction: || (&& (== net472) (< net46)) (== netcoreapp3.0)
      System.Runtime.Extensions (>= 4.3) - restriction: || (&& (== net472) (< net46)) (== netcoreapp3.0)
      System.Runtime.Handles (>= 4.3) - restriction: || (&& (== net472) (< net46)) (== netcoreapp3.0)
      System.Runtime.InteropServices (>= 4.3) - restriction: || (&& (== net472) (< net46)) (== netcoreapp3.0)
      System.Runtime.Numerics (>= 4.3) - restriction: || (&& (== net472) (< net46)) (== netcoreapp3.0)
      System.Security.Cryptography.Algorithms (>= 4.3)
      System.Security.Cryptography.Cng (>= 4.3) - restriction: || (&& (== net472) (< net46)) (== netcoreapp3.0)
      System.Security.Cryptography.Csp (>= 4.3) - restriction: || (&& (== net472) (< net46)) (== netcoreapp3.0)
      System.Security.Cryptography.Encoding (>= 4.3)
      System.Security.Cryptography.OpenSsl (>= 4.3) - restriction: || (&& (== net472) (< net46)) (== netcoreapp3.0)
      System.Security.Cryptography.Primitives (>= 4.3) - restriction: || (&& (== net472) (< net46)) (== netcoreapp3.0)
      System.Text.Encoding (>= 4.3) - restriction: || (&& (== net472) (< net46)) (== netcoreapp3.0)
      System.Threading (>= 4.3) - restriction: || (&& (== net472) (< net46)) (== netcoreapp3.0)
    System.Security.Principal.Windows (4.7) - restriction: || (&& (== net472) (>= netcoreapp2.1)) (== netcoreapp3.0)
    System.Text.Encoding (4.3) - restriction: || (&& (== net472) (< net46)) (== netcoreapp3.0)
      Microsoft.NETCore.Platforms (>= 1.1) - restriction: || (&& (== net472) (< net45)) (== netcoreapp3.0)
      Microsoft.NETCore.Targets (>= 1.1) - restriction: || (&& (== net472) (< net45)) (== netcoreapp3.0)
      System.Runtime (>= 4.3) - restriction: || (&& (== net472) (< net45)) (== netcoreapp3.0)
    System.Text.Encoding.CodePages (4.7) - restriction: || (&& (== net472) (>= netcoreapp2.1)) (== netcoreapp3.0)
      Microsoft.NETCore.Platforms (>= 3.1) - restriction: || (&& (== net472) (>= netcoreapp2.0)) (== netcoreapp3.0)
      System.Runtime.CompilerServices.Unsafe (>= 4.7)
    System.Text.Encoding.Extensions (4.3) - restriction: || (&& (== net472) (< net46)) (== netcoreapp3.0)
      Microsoft.NETCore.Platforms (>= 1.1) - restriction: || (&& (== net472) (< net45)) (== netcoreapp3.0)
      Microsoft.NETCore.Targets (>= 1.1) - restriction: || (&& (== net472) (< net45)) (== netcoreapp3.0)
      System.Runtime (>= 4.3) - restriction: || (&& (== net472) (< net45)) (== netcoreapp3.0)
      System.Text.Encoding (>= 4.3) - restriction: || (&& (== net472) (< net45)) (== netcoreapp3.0)
    System.Text.RegularExpressions (4.3.1) - restriction: || (&& (== net472) (< net35)) (&& (== net472) (< net40)) (== netcoreapp3.0)
      System.Runtime (>= 4.3.1) - restriction: || (&& (== net472) (< net45)) (&& (== net472) (>= netcoreapp1.1)) (== netcoreapp3.0)
    System.Threading (4.3) - restriction: || (&& (== net472) (< net46)) (== netcoreapp3.0)
      System.Runtime (>= 4.3) - restriction: || (&& (== net472) (< net45)) (== netcoreapp3.0)
      System.Threading.Tasks (>= 4.3) - restriction: || (&& (== net472) (< net45)) (== netcoreapp3.0)
    System.Threading.Tasks (4.3) - restriction: || (&& (== net472) (< net46)) (== netcoreapp3.0)
      Microsoft.NETCore.Platforms (>= 1.1) - restriction: || (&& (== net472) (< net45)) (== netcoreapp3.0)
      Microsoft.NETCore.Targets (>= 1.1) - restriction: || (&& (== net472) (< net45)) (== netcoreapp3.0)
      System.Runtime (>= 4.3) - restriction: || (&& (== net472) (< net45)) (== netcoreapp3.0)
    System.Threading.Tasks.Dataflow (4.11)
    System.Threading.Tasks.Extensions (4.5.3)
      System.Runtime.CompilerServices.Unsafe (>= 4.5.2) - restriction: || (== net472) (&& (== netcoreapp3.0) (>= net45)) (&& (== netcoreapp3.0) (< netcoreapp2.1)) (&& (== netcoreapp3.0) (< netstandard1.0)) (&& (== netcoreapp3.0) (< netstandard2.0)) (&& (== netcoreapp3.0) (>= wp8))
    System.Threading.Thread (4.3) - restriction: == netcoreapp3.0
      System.Runtime (>= 4.3) - restriction: || (&& (== net472) (< net46)) (== netcoreapp3.0)
    System.Threading.ThreadPool (4.3) - restriction: || (&& (== net472) (< net46)) (== netcoreapp3.0)
      System.Runtime (>= 4.3) - restriction: || (&& (== net472) (< net46)) (== netcoreapp3.0)
      System.Runtime.Handles (>= 4.3) - restriction: || (&& (== net472) (< net46)) (== netcoreapp3.0)
    System.ValueTuple (4.5)
    System.Xml.ReaderWriter (4.3.1) - restriction: || (&& (== net472) (< net35)) (== netcoreapp3.0)
      System.Collections (>= 4.3) - restriction: || (&& (== net472) (< net45)) (== netcoreapp3.0)
      System.Diagnostics.Debug (>= 4.3) - restriction: || (&& (== net472) (< net45)) (== netcoreapp3.0)
      System.Globalization (>= 4.3) - restriction: || (&& (== net472) (< net45)) (== netcoreapp3.0)
      System.IO (>= 4.3) - restriction: || (&& (== net472) (< net45)) (== netcoreapp3.0)
      System.IO.FileSystem (>= 4.3) - restriction: || (&& (== net472) (< net45)) (== netcoreapp3.0)
      System.IO.FileSystem.Primitives (>= 4.3) - restriction: || (&& (== net472) (< net45)) (== netcoreapp3.0)
      System.Resources.ResourceManager (>= 4.3) - restriction: || (&& (== net472) (< net45)) (== netcoreapp3.0)
      System.Runtime (>= 4.3) - restriction: || (&& (== net472) (< net45)) (== netcoreapp3.0)
      System.Runtime.Extensions (>= 4.3) - restriction: || (&& (== net472) (< net45)) (== netcoreapp3.0)
      System.Runtime.InteropServices (>= 4.3) - restriction: || (&& (== net472) (< net45)) (== netcoreapp3.0)
      System.Text.Encoding (>= 4.3) - restriction: || (&& (== net472) (< net45)) (== netcoreapp3.0)
      System.Text.Encoding.Extensions (>= 4.3) - restriction: || (&& (== net472) (< net45)) (== netcoreapp3.0)
      System.Text.RegularExpressions (>= 4.3) - restriction: || (&& (== net472) (< net45)) (== netcoreapp3.0)
      System.Threading.Tasks (>= 4.3) - restriction: || (&& (== net472) (< net45)) (== netcoreapp3.0)
      System.Threading.Tasks.Extensions (>= 4.3) - restriction: || (&& (== net472) (< net45)) (== netcoreapp3.0)
    System.Xml.XmlDocument (4.3) - restriction: || (&& (== net472) (< net35)) (== netcoreapp3.0)
      System.Collections (>= 4.3) - restriction: || (&& (== net472) (< net46)) (== netcoreapp3.0)
      System.Diagnostics.Debug (>= 4.3) - restriction: || (&& (== net472) (< net46)) (== netcoreapp3.0)
      System.Globalization (>= 4.3) - restriction: || (&& (== net472) (< net46)) (== netcoreapp3.0)
      System.IO (>= 4.3) - restriction: || (&& (== net472) (< net46)) (== netcoreapp3.0)
      System.Resources.ResourceManager (>= 4.3) - restriction: || (&& (== net472) (< net46)) (== netcoreapp3.0)
      System.Runtime (>= 4.3) - restriction: || (&& (== net472) (< net46)) (== netcoreapp3.0)
      System.Runtime.Extensions (>= 4.3) - restriction: || (&& (== net472) (< net46)) (== netcoreapp3.0)
      System.Text.Encoding (>= 4.3) - restriction: || (&& (== net472) (< net46)) (== netcoreapp3.0)
      System.Threading (>= 4.3) - restriction: || (&& (== net472) (< net46)) (== netcoreapp3.0)
      System.Xml.ReaderWriter (>= 4.3) - restriction: || (&& (== net472) (< net46)) (== netcoreapp3.0)
    WebGrease (1.6)
      Antlr (>= 3.4.1.9004)
      Newtonsoft.Json (>= 5.0.4)
    xunit (2.4.1)
      xunit.analyzers (>= 0.10)
      xunit.assert (2.4.1)
      xunit.core (2.4.1)
    xunit.abstractions (2.0.3)
    xunit.analyzers (0.10)
    xunit.assert (2.4.1)
      NETStandard.Library (>= 1.6.1) - restriction: || (&& (== net472) (< net452)) (== netcoreapp3.0)
    xunit.core (2.4.1)
      xunit.extensibility.core (2.4.1)
      xunit.extensibility.execution (2.4.1)
    xunit.extensibility.core (2.4.1)
      NETStandard.Library (>= 1.6.1) - restriction: || (&& (== net472) (< net452)) (== netcoreapp3.0)
      xunit.abstractions (>= 2.0.3)
    xunit.extensibility.execution (2.4.1)
      NETStandard.Library (>= 1.6.1) - restriction: || (&& (== net472) (< net452)) (== netcoreapp3.0)
      xunit.extensibility.core (2.4.1)
    xunit.runner.visualstudio (2.4.1)
      Microsoft.NET.Test.Sdk (>= 15.0) - restriction: || (&& (== net472) (>= netcoreapp1.0)) (== netcoreapp3.0)
    YamlDotNet (5.2.1)
