NUGET
  remote: https://api.nuget.org/v3/index.json
    Antlr (3.5.0.2) - restriction: >= net472
    AutoMapper (9.0) - restriction: >= net472
    bootstrap (4.4.1) - restriction: >= net472
      jQuery (>= 3.0 < 4.0)
      popper.js (>= 1.16 < 2.0)
    Colorful.Console (1.2.9) - restriction: >= net472
    GitVersion.CommandLine (5.1.2) - restriction: >= net472
    Glob (1.1.5) - restriction: >= net472
      System.IO.FileSystem (>= 4.3) - restriction: >= net46
    JetBrains.Annotations (2019.1.3) - restriction: >= net472
    jQuery (3.4.1) - restriction: >= net472
    jQuery.Validation (1.19.1) - restriction: >= net472
      jQuery (>= 1.4.4)
    Microsoft.AspNet.Mvc (5.2.7) - restriction: >= net472
      Microsoft.AspNet.Razor (>= 3.2.7 < 3.3)
      Microsoft.AspNet.WebPages (>= 3.2.7 < 3.3)
    Microsoft.AspNet.Razor (3.2.7) - restriction: >= net472
    Microsoft.AspNet.Web.Optimization (1.1.3) - restriction: >= net472
      Microsoft.Web.Infrastructure (>= 1.0)
      WebGrease (>= 1.5.2)
    Microsoft.AspNet.WebApi (5.2.7) - restriction: >= net472
      Microsoft.AspNet.WebApi.WebHost (>= 5.2.7 < 5.3)
    Microsoft.AspNet.WebApi.Client (5.2.7) - restriction: >= net472
      Newtonsoft.Json (>= 6.0.4) - restriction: || (>= net45) (&& (< netstandard2.0) (>= portable-net45+win8+wp8+wp81+wpa81))
    Microsoft.AspNet.WebApi.Core (5.2.7) - restriction: >= net472
      Microsoft.AspNet.WebApi.Client (>= 5.2.7)
    Microsoft.AspNet.WebApi.HelpPage (5.2.7) - restriction: >= net472
      Microsoft.AspNet.Mvc (>= 5.2.7 < 5.3)
      Microsoft.AspNet.Razor (>= 3.2.7 < 3.3)
      Microsoft.AspNet.WebApi.WebHost (>= 5.2.7 < 5.3)
    Microsoft.AspNet.WebApi.WebHost (5.2.7) - restriction: >= net472
      Microsoft.AspNet.WebApi.Core (>= 5.2.7 < 5.3)
    Microsoft.AspNet.WebPages (3.2.7) - restriction: >= net472
      Microsoft.AspNet.Razor (>= 3.2.7 < 3.3)
      Microsoft.Web.Infrastructure (>= 1.0)
    Microsoft.Build (16.4) - restriction: >= net472
      Microsoft.Build.Framework (>= 16.4) - restriction: || (>= net472) (>= netcoreapp2.1)
      Microsoft.VisualStudio.Setup.Configuration.Interop (>= 1.16.30) - restriction: >= net472
      System.Collections.Immutable (>= 1.5) - restriction: || (>= net472) (>= netcoreapp2.1)
      System.Memory (>= 4.5.3) - restriction: || (>= net472) (>= netcoreapp2.1)
      System.Threading.Tasks.Dataflow (>= 4.9) - restriction: || (>= net472) (>= netcoreapp2.1)
    Microsoft.Build.Framework (16.4) - restriction: >= net472
    Microsoft.Build.Tasks.Core (16.4) - restriction: >= net472
      Microsoft.Build.Framework (>= 16.4) - restriction: >= netstandard2.0
      Microsoft.Build.Utilities.Core (>= 16.4) - restriction: >= netstandard2.0
      Microsoft.VisualStudio.Setup.Configuration.Interop (>= 1.16.30) - restriction: >= net472
      System.Collections.Immutable (>= 1.5) - restriction: >= netstandard2.0
      System.Resources.Extensions (>= 4.6) - restriction: >= netstandard2.0
      System.Threading.Tasks.Dataflow (>= 4.9) - restriction: >= netstandard2.0
    Microsoft.Build.Utilities.Core (16.4) - restriction: >= net472
      Microsoft.Build.Framework (>= 16.4) - restriction: >= netstandard2.0
      Microsoft.VisualStudio.Setup.Configuration.Interop (>= 1.16.30) - restriction: >= net472
      System.Collections.Immutable (>= 1.5) - restriction: >= netstandard2.0
    Microsoft.CodeDom.Providers.DotNetCompilerPlatform (2.0.1) - restriction: >= net472
    Microsoft.jQuery.Unobtrusive.Validation (3.2.11) - restriction: >= net472
      jQuery (>= 1.8)
      jQuery.Validation (>= 1.8.0.1)
    Microsoft.VisualStudio.Setup.Configuration.Interop (1.16.30) - restriction: >= net472
    Microsoft.Web.Infrastructure (1.0) - restriction: >= net472
    Modernizr (2.8.3) - restriction: >= net472
    MSTest.TestAdapter (2.0) - restriction: >= net472
    MSTest.TestFramework (2.0) - restriction: >= net472
    Newtonsoft.Json (12.0.3) - restriction: >= net472
    Newtonsoft.Json.Bson (1.0.2) - restriction: >= net472
      Newtonsoft.Json (>= 12.0.1) - restriction: || (>= net45) (>= netstandard1.3)
    NuGet.Client (4.2) - restriction: >= net472
      NuGet.ContentModel (>= 4.2) - restriction: || (>= net45) (>= netstandard1.3)
      NuGet.Packaging (>= 4.2) - restriction: || (>= net45) (>= netstandard1.3)
      NuGet.Repositories (>= 4.2) - restriction: || (>= net45) (>= netstandard1.3)
      NuGet.RuntimeModel (>= 4.2) - restriction: || (>= net45) (>= netstandard1.3)
      NuGet.Versioning (>= 4.2) - restriction: || (>= net45) (>= netstandard1.3)
    NuGet.CommandLine (5.3.1)
    NuGet.Common (5.4) - restriction: >= net472
      NuGet.Frameworks (>= 5.4) - restriction: >= netstandard2.0
    NuGet.Configuration (5.4) - restriction: >= net472
      NuGet.Common (>= 5.4) - restriction: >= netstandard2.0
    NuGet.ContentModel (4.2) - restriction: >= net472
    NuGet.Frameworks (5.4) - restriction: >= net472
    NuGet.Packaging (5.4) - restriction: >= net472
      Newtonsoft.Json (>= 9.0.1) - restriction: >= netstandard2.0
      NuGet.Configuration (>= 5.4) - restriction: >= netstandard2.0
      NuGet.Versioning (>= 5.4) - restriction: >= netstandard2.0
    NuGet.Packaging.Core (5.4) - restriction: >= net472
      NuGet.Packaging (>= 5.4) - restriction: >= netstandard2.0
    NuGet.Repositories (4.2) - restriction: >= net472
      NuGet.Packaging (>= 4.2) - restriction: || (>= net45) (>= netstandard1.3)
    NuGet.RuntimeModel (4.2) - restriction: >= net472
      Newtonsoft.Json (>= 6.0.4) - restriction: >= net45
      NuGet.Frameworks (>= 4.2) - restriction: || (>= net45) (>= netstandard1.3)
      NuGet.Versioning (>= 4.2) - restriction: || (>= net45) (>= netstandard1.3)
    NuGet.Versioning (5.4) - restriction: >= net472
    Nuke.Common (0.23.4) - restriction: >= net472
      AutoMapper (>= 6.0.2) - restriction: || (>= net472) (>= netcoreapp3.0)
      Colorful.Console (>= 1.2.9) - restriction: || (>= net472) (>= netcoreapp3.0)
      Glob (>= 1.1.3) - restriction: || (>= net472) (>= netcoreapp3.0)
      JetBrains.Annotations (>= 2018.2.1) - restriction: || (>= net472) (>= netcoreapp3.0)
      Microsoft.Build (>= 16.0.461) - restriction: || (>= net472) (>= netcoreapp3.0)
      Microsoft.Build.Framework (>= 16.0.461) - restriction: || (>= net472) (>= netcoreapp3.0)
      Microsoft.Build.Tasks.Core (>= 16.0.461) - restriction: || (>= net472) (>= netcoreapp3.0)
      Microsoft.Build.Utilities.Core (>= 16.0.461) - restriction: || (>= net472) (>= netcoreapp3.0)
      Newtonsoft.Json (>= 10.0.3) - restriction: || (>= net472) (>= netcoreapp3.0)
      NuGet.Packaging (>= 4.9.2) - restriction: || (>= net472) (>= netcoreapp3.0)
      Refit (>= 4.0) - restriction: || (>= net472) (>= netcoreapp3.0)
      SharpZipLib (>= 1.1) - restriction: || (>= net472) (>= netcoreapp3.0)
      System.Diagnostics.Process (>= 4.3) - restriction: || (>= net472) (>= netcoreapp3.0)
      System.Runtime.Serialization.Formatters (>= 4.3) - restriction: || (>= net472) (>= netcoreapp3.0)
      System.ValueTuple (>= 4.5) - restriction: || (>= net472) (>= netcoreapp3.0)
      YamlDotNet (>= 5.2.1) - restriction: || (>= net472) (>= netcoreapp3.0)
    Octokit (0.36) - restriction: >= net472
    popper.js (1.16) - restriction: >= net472
    Refit (5.0.23) - restriction: >= net472
      Newtonsoft.Json (>= 12.0.3) - restriction: || (>= net461) (>= netstandard2.0)
    SharpZipLib (1.2) - restriction: >= net472
    System.Buffers (4.5) - restriction: >= net472
    System.Collections.Immutable (1.7) - restriction: >= net472
      System.Memory (>= 4.5.3) - restriction: || (&& (< monoandroid) (< monotouch) (< net45) (>= netstandard1.3) (< netstandard2.0) (< win8) (< wpa81) (< xamarintvos) (< xamarinwatchos)) (&& (< net45) (< netcoreapp2.1) (>= netstandard2.0) (< xamarinios) (< xamarinmac)) (>= net46) (>= uap10.1)
    System.Diagnostics.Process (4.3) - restriction: >= net472
    System.IO.FileSystem (4.3) - restriction: >= net472
      System.IO.FileSystem.Primitives (>= 4.3) - restriction: || (&& (< monoandroid) (< monotouch) (>= netstandard1.3) (< xamarinios) (< xamarinmac) (< xamarintvos) (< xamarinwatchos)) (>= net46)
    System.IO.FileSystem.Primitives (4.3) - restriction: >= net472
    System.Memory (4.5.3) - restriction: >= net472
      System.Buffers (>= 4.4) - restriction: || (&& (>= monoandroid) (< netstandard2.0)) (&& (< monoandroid) (< net45) (>= netstandard1.1) (< netstandard2.0) (< win8) (< wpa81)) (&& (< monoandroid) (< netstandard1.1) (>= portable-net45+win8+wpa81) (< win8)) (>= monotouch) (&& (>= net45) (< netstandard2.0)) (&& (< net45) (< netcoreapp2.0) (>= netstandard2.0)) (>= net461) (&& (< netstandard1.1) (>= win8)) (&& (< netstandard2.0) (< uap10.1) (>= wpa81)) (>= xamarinios) (>= xamarinmac) (>= xamarintvos) (>= xamarinwatchos)
      System.Numerics.Vectors (>= 4.4) - restriction: || (&& (< net45) (< netcoreapp2.0) (>= netstandard2.0) (< xamarinios) (< xamarinmac)) (>= net461)
      System.Runtime.CompilerServices.Unsafe (>= 4.5.2) - restriction: || (&& (>= monoandroid) (< netstandard2.0)) (&& (< monoandroid) (< net45) (>= netstandard1.1) (< netstandard2.0) (< win8) (< wpa81)) (&& (< monoandroid) (< netstandard1.1) (>= portable-net45+win8+wpa81) (< win8)) (>= monotouch) (&& (>= net45) (< netstandard2.0)) (&& (< net45) (< netcoreapp2.0) (>= netstandard2.0)) (>= net461) (&& (>= netcoreapp2.0) (< netcoreapp2.1)) (&& (< netstandard1.1) (>= win8)) (&& (< netstandard2.0) (>= wpa81)) (>= uap10.1) (>= xamarinios) (>= xamarinmac) (>= xamarintvos) (>= xamarinwatchos)
    System.Numerics.Vectors (4.5) - restriction: >= net472
    System.Resources.Extensions (4.7) - restriction: >= net472
      System.Memory (>= 4.5.3) - restriction: && (< netcoreapp2.1) (>= netstandard2.0) (< xamarinios) (< xamarinmac)
    System.Runtime.CompilerServices.Unsafe (4.7) - restriction: >= net472
    System.Runtime.Serialization.Formatters (4.3) - restriction: >= net472
      System.Runtime.Serialization.Primitives (>= 4.3) - restriction: || (&& (< monoandroid) (< monotouch) (>= netstandard1.4) (< xamarinios) (< xamarinmac) (< xamarintvos) (< xamarinwatchos)) (&& (< monoandroid) (>= netstandard1.3) (< netstandard1.4)) (>= net46)
    System.Runtime.Serialization.Primitives (4.3) - restriction: >= net472
    System.Threading.Tasks.Dataflow (4.11) - restriction: >= net472
    System.ValueTuple (4.5) - restriction: >= net472
    WebGrease (1.6) - restriction: >= net472
      Antlr (>= 3.4.1.9004)
      Newtonsoft.Json (>= 5.0.4)
    YamlDotNet (8.0) - restriction: >= net472
